{
	"TaskName": "noise",
	"SamplingFrequency": 2400,
	"Manufacturer": "CTF",
	"ManufacturerModelName": "CTF-275",
	"AcquisitionDateTime": "20130315T145000",
	"TaskDescription": "",
	"TaskInstructions": "",
	"CogAtlasID": "",
	"CogPOID": "",
	"DataCollectionSite": "McConnell Brain Imaging Centre, McGill University",
	"MEGChannelCount": 270,
	"MEGREFChannelCount": 26,
	"EEGChannelCount": 0,
	"EOGChannelCount": 2,
	"ECGChannelCount": 1,
	"EMGChannelCount": 0,
	"MiscChannelCount": 0,
	"TriggerChannelCount": 0,
	"PowerLineFrequency": "60Hz",
	"EEGPlacementScheme": "",
	"EEGReference": "",
	"MEGPosition": "Upright",
	"OnlineFilters": "anti-aliasing filter",
	"SoftwareFilters": {
		"SpatialCompensation": {
			"GradientOrder": "3rd"
		}
	},
	"RecordingDuration": 120,
	"RecordingType": "continuous",
	"EpochLength": "_Inf_",
	"BadChannels": "",
	"DeviceSoftwareVersion": "Acq 5.4.2-linux-20070507",
	"ContinuousHeadLocalization": 1,
	"HLCFrequency": [1470,1530,1590],
	"MaxMovement": "",
	"SubjectArtefactDescription": "",
	"DigitizedLandmarks": 1,
	"DigitizedHeadPoints": 1
}
