{
	"TaskName": "noise",
	"SamplingFrequency": 2400,
	"Manufacturer": "CTF",
	"ManufacturerModelName": "CTF-275",
	"MEGChannelCount": 270,
	"MEGREFChannelCount": 26,
	"EEGChannelCount": 0,
	"EOGChannelCount": 2,
	"ECGChannelCount": 1,
	"EMGChannelCount": 0,
	"Date": "30-Oct-2012",
	"PowerLineFrequency": "60Hz",
	"EEGPlacementScheme": "",
	"EEGReference": "",
	"MEGPosition": "Upright",
	"OnlineFilters": "anti-aliasing filter",
	"SoftwareFilters": {
		"SpatialCompensation": {
			"GradientOrder": "3rd"
		}
	},
	"AssociatedAnatomicalMRI": "",
	"RecordingStart": "16:48",
	"RecordingDuration": 300,
	"RecordingType": "continuous",
	"EpochLength": 0,
	"TriggerChannels": "",
	"MiscChannels": "",
	"BadChannels": "",
	"DeviceSoftwareVersion": "Acq 5.4.2-linux-20070507",
	"TaskInstructions": "",
	"TaskDescription": "",
	"RestingState": 1,
	"EyesClosed": 0,
	"ContinuousHeadLocalization": 1,
	"HLCFrequency": [1470,1530,1590],
	"MaxMovement": "",
	"SubjectArtefact": "",
	"SubjectArtefactDescription": "",
	"DigitizedLandmarks": 1,
	"DigitizedHeadPoints": 1
}
